PATH
  remote: .
  specs:
    simple_crypt (1.2.0)

GEM
  remote: https://rubygems.org/
  specs:

PLATFORMS
  ruby

DEPENDENCIES
  simple_crypt!

BUNDLED WITH
   2.1.4
